PATH
  remote: .
  specs:
    fighter (0.0.0)
      thor (~> 0.20.0)

GEM
  remote: https://rubygems.org/
  specs:
    ansi (1.5.0)
    builder (3.2.3)
    minitest (5.11.3)
    minitest-reporters (1.1.19)
      ansi
      builder
      minitest (>= 5.0)
      ruby-progressbar
    rake (10.5.0)
    ruby-progressbar (1.9.0)
    thor (0.20.0)

PLATFORMS
  ruby

DEPENDENCIES
  bundler (~> 1.16)
  fighter!
  minitest (~> 5.0)
  minitest-reporters (~> 1.1.19)
  rake (~> 10.0)

BUNDLED WITH
   1.16.1
